GEM
  remote: https://rubygems.org/
  specs:
    haml (4.0.1)
      tilt
    rake (10.0.4)
    sass (3.2.7)
    tilt (1.3.6)

PLATFORMS
  ruby

DEPENDENCIES
  haml
  rake
  sass
