GEM
  remote: https://rubygems.org/
  specs:
    haml (4.0.2)
      tilt
    rake (10.0.4)
    sass (3.2.8)
    tilt (1.4.1)

PLATFORMS
  ruby

DEPENDENCIES
  haml
  rake
  sass
