GEM
  remote: http://rubygems.org/
  specs:
    haml (3.1.7)
    rake (10.0.1)
    sass (3.2.3)

PLATFORMS
  ruby

DEPENDENCIES
  haml
  rake
  sass
