GEM
  remote: http://rubygems.org/
  specs:
    haml (4.0.0)
      tilt
    rake (10.0.3)
    sass (3.2.6)
    tilt (1.3.3)

PLATFORMS
  ruby

DEPENDENCIES
  haml
  rake
  sass
