GEM
  remote: https://rubygems.org/
  specs:
    haml (4.0.2)
      tilt
    rake (10.0.4)
    sass (3.2.7)
    tilt (1.3.7)

PLATFORMS
  ruby

DEPENDENCIES
  haml
  rake
  sass
